PATH
  remote: .
  specs:
    clock (0.1.0)
      haml (~> 5.1, >= 5.1.2)
      sinatra (~> 1.4, >= 1.4.7)

GEM
  remote: https://rubygems.org/
  specs:
    haml (5.1.2)
      temple (>= 0.8.0)
      tilt
    rack (1.6.12)
    rack-protection (1.5.5)
      rack
    rake (10.5.0)
    sinatra (1.4.8)
      rack (~> 1.5)
      rack-protection (~> 1.4)
      tilt (>= 1.3, < 3)
    temple (0.8.2)
    tilt (2.0.10)

PLATFORMS
  ruby

DEPENDENCIES
  bundler (~> 1.17)
  clock!
  rake (~> 10.0)

BUNDLED WITH
   1.17.2
